GEM
  remote: https://rubygems.org/
  specs:
    chunky_png (1.4.0)
    dotenv (2.7.6)
    json (2.5.1)
    mustermann (1.1.1)
      ruby2_keywords (~> 0.0.1)
    rack (2.2.3)
    rack-protection (2.1.0)
      rack
    rqrcode (2.1.0)
      chunky_png (~> 1.0)
      rqrcode_core (~> 1.0)
    rqrcode_core (1.2.0)
    ruby2_keywords (0.0.5)
    sinatra (2.1.0)
      mustermann (~> 1.0)
      rack (~> 2.2)
      rack-protection (= 2.1.0)
      tilt (~> 2.0)
    tilt (2.0.10)

PLATFORMS
  x64-mingw32

DEPENDENCIES
  dotenv
  json
  rqrcode (~> 2.0)
  sinatra

BUNDLED WITH
   2.2.26
